GIT
  remote: https://github.com/crafterm/comma.git
  revision: 0c4d57b7d87db722b64d2847bdf1c6fb3fcb93c6
  specs:
    comma (0.4.0)
      activesupport (>= 2.2.2)

GEM
  remote: http://rubygems.org/
  specs:
    actionmailer (2.3.5)
      actionpack (= 2.3.5)
    actionpack (2.3.5)
      activesupport (= 2.3.5)
      rack (~> 1.0.0)
    activerecord (2.3.5)
      activesupport (= 2.3.5)
    activeresource (2.3.5)
      activesupport (= 2.3.5)
    activesupport (2.3.5)
    aws-s3 (0.6.2)
      builder
      mime-types
      xml-simple
    builder (2.1.2)
    columnize (0.3.1)
    cucumber (0.4.3)
      builder (= 2.1.2)
      diff-lcs (= 1.1.2)
      polyglot (= 0.2.9)
      term-ansicolor (= 1.0.4)
      treetop (= 1.4.2)
    diff-lcs (1.1.2)
    factory_girl (1.3.2)
    fastercsv (1.5.3)
    fleximage (1.0.4)
      aws-s3
      rmagick
    hoe (2.7.0)
      rake (>= 0.8.7)
      rubyforge (>= 2.0.4)
    json_pure (1.4.6)
    linecache (0.43)
    mime-types (1.16)
    mocha (0.9.9)
      rake
    nokogiri (1.4.4)
    object_daddy (0.4.3)
    pickle (0.3.4)
    polyglot (0.2.9)
    rack (1.0.1)
    rails (2.3.5)
      actionmailer (= 2.3.5)
      actionpack (= 2.3.5)
      activerecord (= 2.3.5)
      activeresource (= 2.3.5)
      activesupport (= 2.3.5)
      rake (>= 0.8.3)
    rake (0.8.7)
    recurly (0.3.1)
      activeresource (>= 2.3)
      activesupport (>= 2.3)
    reportable (1.1.2)
      activerecord (>= 2.0.0)
      activesupport (>= 2.0.0)
    rmagick (2.13.1)
    rpx_now (0.6.23)
      json_pure
    rspec (1.2.9)
    rspec-rails (1.2.9)
      rack (>= 1.0.0)
      rspec (>= 1.2.9)
    ruby-debug (0.10.3)
      columnize (>= 0.1)
      ruby-debug-base (~> 0.10.3.0)
    ruby-debug-base (0.10.3)
      linecache (>= 0.3)
    rubyforge (2.0.4)
      json_pure (>= 1.1.7)
    rubytree (0.8.1)
    shoulda (2.11.3)
    term-ansicolor (1.0.4)
    test-unit (1.2.3)
      hoe (>= 1.5.1)
    treetop (1.4.2)
      polyglot (>= 0.2.5)
    webrat (0.5.3)
      nokogiri (>= 1.2.0)
      rack (>= 1.0)
    xml-simple (1.0.12)

PLATFORMS
  ruby

DEPENDENCIES
  comma!
  cucumber (= 0.4.3)
  factory_girl
  fastercsv
  fleximage
  mocha
  object_daddy
  pickle
  rails (= 2.3.5)
  recurly
  reportable
  rpx_now
  rspec (= 1.2.9)
  rspec-rails (= 1.2.9)
  ruby-debug
  rubytree
  shoulda
  test-unit (= 1.2.3)
  webrat (= 0.5.3)
