GEM
  remote: http://rubygems.org/
  specs:
    SystemTimer (1.2.2)
    actionmailer (2.3.5)
      actionpack (= 2.3.5)
    actionpack (2.3.5)
      activesupport (= 2.3.5)
      rack (~> 1.0.0)
    activerecord (2.3.5)
      activesupport (= 2.3.5)
    activeresource (2.3.5)
      activesupport (= 2.3.5)
    activesupport (2.3.5)
    aws-s3 (0.6.2)
      builder
      mime-types
      xml-simple
    builder (2.1.2)
    columnize (0.3.2)
    comma (0.4.1)
      activesupport (>= 2.2.2)
    cucumber (0.4.3)
      builder (= 2.1.2)
      diff-lcs (= 1.1.2)
      polyglot (= 0.2.9)
      term-ansicolor (= 1.0.4)
      treetop (= 1.4.2)
    diff-lcs (1.1.2)
    factory_girl (1.3.3)
    fastercsv (1.5.4)
    fleximage (1.0.4)
      aws-s3
      rmagick
    hoe (2.9.1)
      rake (>= 0.8.7)
    json_pure (1.5.1)
    linecache (0.43)
    mime-types (1.16)
    mocha (0.9.12)
    nokogiri (1.4.4)
    object_daddy (0.4.3)
    pg (0.10.1)
    pickle (0.3.4)
    polyglot (0.2.9)
    rack (1.0.1)
    rack-timeout (0.0.1)
    rails (2.3.5)
      actionmailer (= 2.3.5)
      actionpack (= 2.3.5)
      activerecord (= 2.3.5)
      activeresource (= 2.3.5)
      activesupport (= 2.3.5)
      rake (>= 0.8.3)
    rake (0.8.7)
    recurly (0.3.3)
      activeresource (>= 2.3)
      activesupport (>= 2.3)
    reportable (1.1.2)
      activerecord (>= 2.0.0)
      activesupport (>= 2.0.0)
    rmagick (2.13.1)
    rpx_now (0.6.24)
      json_pure
    rspec (1.2.9)
    rspec-core (2.5.1)
    rspec-rails (1.2.9)
      rack (>= 1.0.0)
      rspec (>= 1.2.9)
    ruby-debug (0.10.4)
      columnize (>= 0.1)
      ruby-debug-base (~> 0.10.4.0)
    ruby-debug-base (0.10.4)
      linecache (>= 0.3)
    rubytree (0.7.0)
    sqlite3 (1.3.3)
    sqlite3-ruby (1.3.3)
      sqlite3 (>= 1.3.3)
    term-ansicolor (1.0.4)
    test-unit (1.2.3)
      hoe (>= 1.5.1)
    treetop (1.4.2)
      polyglot (>= 0.2.5)
    webrat (0.5.3)
      nokogiri (>= 1.2.0)
      rack (>= 1.0)
    will_paginate (2.3.15)
    xml-simple (1.0.14)

PLATFORMS
  ruby

DEPENDENCIES
  SystemTimer (= 1.2.2)
  comma
  cucumber (= 0.4.3)
  factory_girl (= 1.3.3)
  fastercsv (= 1.5.4)
  fleximage (= 1.0.4)
  mocha (= 0.9.12)
  object_daddy (= 0.4.3)
  pg
  pickle (= 0.3.4)
  rack-timeout (= 0.0.1)
  rails (= 2.3.5)
  recurly (= 0.3.3)
  reportable (= 1.1.2)
  rpx_now (= 0.6.24)
  rspec (= 1.2.9)
  rspec-core
  rspec-rails (= 1.2.9)
  ruby-debug (= 0.10.4)
  rubytree (= 0.7.0)
  sqlite3-ruby
  test-unit (= 1.2.3)
  webrat (= 0.5.3)
  will_paginate (= 2.3.15)
