GIT
  remote: https://github.com/crafterm/comma.git
  revision: 0b57837359bca3d4cb1b03a09896953ec8f1aac9
  ref: rails2
  specs:
    comma (2.1.3)
      fastercsv (~> 1.5.4)

GEM
  remote: https://rubygems.org/
  specs:
    ParseTree (3.0.9)
      RubyInline (~> 3.9.0)
      sexp_processor (~> 3.2.0)
    RubyInline (3.9.0)
      ZenTest (~> 4.3)
    SystemTimer (1.2.2)
    ZenTest (4.8.2)
    actionmailer (2.3.18)
      actionpack (= 2.3.18)
    actionpack (2.3.18)
      activesupport (= 2.3.18)
      rack (~> 1.1.0)
    activerecord (2.3.18)
      activesupport (= 2.3.18)
    activeresource (2.3.18)
      activesupport (= 2.3.18)
    activesupport (2.3.18)
    addressable (2.3.6)
    aws-s3 (0.6.3)
      builder
      mime-types
      xml-simple
    brakeman (1.8.3)
      activesupport
      erubis (~> 2.6)
      fastercsv (~> 1.5)
      haml (~> 3.0)
      highline (~> 1.6)
      i18n
      multi_json (~> 1.3)
      ruby2ruby (~> 1.2)
      ruby_parser (= 2.3.1)
      sass (~> 3.0)
      terminal-table (~> 1.4)
    builder (3.1.3)
    childprocess (0.3.6)
      ffi (~> 1.0, >= 1.0.6)
    columnize (0.3.6)
    database_cleaner (1.2.0)
    erubis (2.7.0)
    factory_girl (1.3.3)
    faker (1.1.2)
      i18n (~> 0.5)
    fakeweb (1.3.0)
    fastercsv (1.5.4)
    ffi (1.9.3)
    fleximage (1.0.4)
      aws-s3
      rmagick
    foreigner (0.9.2)
    grosser-ssl_requirement (0.1.0)
      actionpack
    guard (1.3.3)
      listen (>= 0.4.2)
      thor (>= 0.14.6)
    guard-rspec (1.2.1)
      guard (>= 1.1)
    guard-spork (1.2.0)
      childprocess
      guard (>= 1.1)
      spork (>= 0.8.4)
      sys-proctable
    haml (3.1.8)
    heckle (1.4.3)
      ParseTree (>= 2.0.0)
      ZenTest (>= 3.5.2)
      ruby2ruby (>= 1.1.6)
    highline (1.6.21)
    honeybadger (1.10.0)
      json
    i18n (0.6.4)
    json (1.8.1)
    json_pure (1.7.7)
    launchy (2.4.2)
      addressable (~> 2.3)
    linecache (0.46)
      rbx-require-relative (> 0.0.4)
    listen (0.5.2)
    mime-types (1.25.1)
    multi_json (1.9.2)
    object_daddy (0.4.3)
    pg (0.14.1)
    rack (1.1.6)
    rack-timeout (0.0.1)
    rails (2.3.18)
      actionmailer (= 2.3.18)
      actionpack (= 2.3.18)
      activerecord (= 2.3.18)
      activeresource (= 2.3.18)
      activesupport (= 2.3.18)
      rake (>= 0.8.3)
    rake (0.8.7)
    rb-fsevent (0.9.4)
    rb-inotify (0.8.8)
      ffi (>= 0.5.0)
    rbx-require-relative (0.0.9)
    rcov (1.0.0)
    recurly (0.3.3)
      activeresource (>= 2.3)
      activesupport (>= 2.3)
    reportable (1.1.2)
      activerecord (>= 2.0.0)
      activesupport (>= 2.0.0)
    rmagick (2.13.3)
    rpx_now (0.6.24)
      json_pure
    rspec (1.3.2)
    rspec-rails (1.3.4)
      rack (>= 1.0.0)
      rspec (~> 1.3.1)
    ruby-debug (0.10.4)
      columnize (>= 0.1)
      ruby-debug-base (~> 0.10.4.0)
    ruby-debug-base (0.10.4)
      linecache (>= 0.3)
    ruby2ruby (1.2.2)
      ParseTree (~> 3.0)
    ruby_parser (2.3.1)
      sexp_processor (~> 3.0)
    rubytree (0.7.0)
    sass (3.3.7)
    sexp_processor (3.2.0)
    shoulda (3.0.1)
      shoulda-context (~> 1.0.0)
      shoulda-matchers (~> 1.0.0)
    shoulda-context (1.0.0)
    shoulda-matchers (1.0.0)
    spork (0.8.5)
    steak (1.1.0)
      rspec (>= 1.3)
    sys-proctable (0.9.1)
    terminal-table (1.4.5)
    thor (0.16.0)
    timecop (0.6.1)
    will_paginate (2.3.15)
    xml-simple (1.1.1)

PLATFORMS
  ruby

DEPENDENCIES
  SystemTimer (= 1.2.2)
  brakeman
  childprocess (= 0.3.6)
  comma!
  database_cleaner
  factory_girl (= 1.3.3)
  faker
  fakeweb
  fastercsv (= 1.5.4)
  fleximage (= 1.0.4)
  foreigner
  grosser-ssl_requirement
  guard-rspec
  guard-spork
  heckle
  honeybadger
  launchy
  object_daddy (= 0.4.3)
  pg
  rack-timeout (= 0.0.1)
  rails (= 2.3.18)
  rake (= 0.8.7)
  rb-fsevent
  rb-inotify (~> 0.8.8)
  rcov
  recurly (= 0.3.3)
  reportable (= 1.1.2)
  rpx_now (= 0.6.24)
  rspec (= 1.3.2)
  rspec-rails (= 1.3.4)
  ruby-debug (= 0.10.4)
  ruby2ruby (= 1.2.2)
  rubytree (= 0.7.0)
  shoulda
  spork (= 0.8.5)
  steak
  timecop (= 0.6.1)
  will_paginate (= 2.3.15)

BUNDLED WITH
   1.10.6
