GEM
  remote: http://rubygems.org/
  specs:
    actionmailer (2.3.5)
      actionpack (= 2.3.5)
    actionpack (2.3.5)
      activesupport (= 2.3.5)
      rack (~> 1.0.0)
    activerecord (2.3.5)
      activesupport (= 2.3.5)
    activeresource (2.3.5)
      activesupport (= 2.3.5)
    activesupport (2.3.5)
    aws-s3 (0.6.2)
      builder
      mime-types
      xml-simple
    builder (2.1.2)
    comma (0.4.1)
      activesupport (>= 2.2.2)
    cucumber (0.4.3)
      builder (= 2.1.2)
      diff-lcs (= 1.1.2)
      polyglot (= 0.2.9)
      term-ansicolor (= 1.0.4)
      treetop (= 1.4.2)
    diff-lcs (1.1.2)
    factory_girl (1.3.2)
    fastercsv (1.5.3)
    fleximage (1.0.4)
      aws-s3
      rmagick
    json_pure (1.4.6)
    mime-types (1.16)
    mocha (0.9.9)
      rake
    mysql (2.8.1)
    nokogiri (1.4.4)
    object_daddy (0.4.3)
    pickle (0.3.4)
    polyglot (0.2.9)
    rack (1.0.1)
    rails (2.3.5)
      actionmailer (= 2.3.5)
      actionpack (= 2.3.5)
      activerecord (= 2.3.5)
      activeresource (= 2.3.5)
      activesupport (= 2.3.5)
      rake (>= 0.8.3)
    rake (0.8.7)
    recurly (0.3.1)
      activeresource (>= 2.3)
      activesupport (>= 2.3)
    reportable (1.1.2)
      activerecord (>= 2.0.0)
      activesupport (>= 2.0.0)
    rmagick (2.13.1)
    rpx_now (0.6.23)
      json_pure
    rspec (1.2.9)
    rspec-rails (1.2.9)
      rack (>= 1.0.0)
      rspec (>= 1.2.9)
    rubytree (0.8.1)
    shoulda (2.11.3)
    sqlite3-ruby (1.3.2)
    term-ansicolor (1.0.4)
    treetop (1.4.2)
      polyglot (>= 0.2.5)
    webrat (0.5.3)
      nokogiri (>= 1.2.0)
      rack (>= 1.0)
    xml-simple (1.0.12)

PLATFORMS
  ruby

DEPENDENCIES
  comma
  cucumber (= 0.4.3)
  factory_girl
  fastercsv
  fleximage
  mocha
  mysql
  object_daddy
  pickle
  rails (= 2.3.5)
  recurly
  reportable
  rpx_now
  rspec (= 1.2.9)
  rspec-rails (= 1.2.9)
  rubytree
  shoulda
  sqlite3-ruby
  webrat (= 0.5.3)
